PATH
  remote: .
  specs:
    timberline-rails (0.5.1)
      timberline (~> 0.8.5)

GEM
  remote: http://rubygems.org/
  specs:
    activejob (5.0.7.1)
      activesupport (= 5.0.7.1)
      globalid (>= 0.3.6)
    activesupport (5.0.7.1)
      concurrent-ruby (~> 1.0, >= 1.0.2)
      i18n (>= 0.7, < 2)
      minitest (~> 5.1)
      tzinfo (~> 1.1)
    coderay (1.1.0)
    concurrent-ruby (1.1.4)
    daemons (1.2.4)
    diff-lcs (1.2.5)
    globalid (0.4.2)
      activesupport (>= 4.2.0)
    i18n (1.5.2)
      concurrent-ruby (~> 1.0)
    method_source (0.8.2)
    minitest (5.11.3)
    pry (0.9.12.6)
      coderay (~> 1.0)
      method_source (~> 0.8)
      slop (~> 3.4)
    rake (10.3.2)
    redis (3.3.3)
    redis-expiring-set (0.1.2)
      redis
    redis-namespace (1.5.3)
      redis (~> 3.0, >= 3.0.4)
    rspec (3.0.0)
      rspec-core (~> 3.0.0)
      rspec-expectations (~> 3.0.0)
      rspec-mocks (~> 3.0.0)
    rspec-core (3.0.0)
      rspec-support (~> 3.0.0)
    rspec-expectations (3.0.0)
      diff-lcs (>= 1.2.0, < 2.0)
      rspec-support (~> 3.0.0)
    rspec-mocks (3.0.0)
      rspec-support (~> 3.0.0)
    rspec-support (3.0.0)
    slop (3.5.0)
    thread_safe (0.3.6)
    timberline (0.8.5)
      daemons
      redis
      redis-expiring-set
      redis-namespace
      trollop
    trollop (2.1.2)
    tzinfo (1.2.10)
      thread_safe (~> 0.1)
    yard (0.9.20)

PLATFORMS
  ruby

DEPENDENCIES
  activejob (~> 5.0.0)
  pry
  rake
  rspec (~> 3.0.0)
  timberline-rails!
  yard

BUNDLED WITH
   1.16.0
